GIT
  remote: https://github.com/tanoku/redcarpet.git
  revision: 3c6b5807e8a5be51d769149e555b09bae8ae3228
  specs:
    redcarpet (2.0.0b3)

GEM
  remote: http://rubygems.org/
  specs:
    actionmailer (3.1.0.rc6)
      actionpack (= 3.1.0.rc6)
      mail (~> 2.3.0)
    actionpack (3.1.0.rc6)
      activemodel (= 3.1.0.rc6)
      activesupport (= 3.1.0.rc6)
      builder (~> 3.0.0)
      erubis (~> 2.7.0)
      i18n (~> 0.6)
      rack (~> 1.3.2)
      rack-cache (~> 1.0.2)
      rack-mount (~> 0.8.1)
      rack-test (~> 0.6.0)
      sprockets (~> 2.0.0.beta.12)
    activemodel (3.1.0.rc6)
      activesupport (= 3.1.0.rc6)
      bcrypt-ruby (~> 2.1.4)
      builder (~> 3.0.0)
      i18n (~> 0.6)
    activerecord (3.1.0.rc6)
      activemodel (= 3.1.0.rc6)
      activesupport (= 3.1.0.rc6)
      arel (~> 2.2.1)
      tzinfo (~> 0.3.29)
    activeresource (3.1.0.rc6)
      activemodel (= 3.1.0.rc6)
      activesupport (= 3.1.0.rc6)
    activesupport (3.1.0.rc6)
      multi_json (~> 1.0)
    addressable (2.2.6)
    arel (2.2.1)
    bcrypt-ruby (2.1.4)
    builder (3.0.0)
    capybara (1.0.1)
      mime-types (>= 1.16)
      nokogiri (>= 1.3.3)
      rack (>= 1.0.0)
      rack-test (>= 0.5.4)
      selenium-webdriver (~> 2.0)
      xpath (~> 0.1.4)
    childprocess (0.2.1)
      ffi (~> 1.0.6)
    chunky_png (1.2.1)
    coderay (0.9.8)
    coffee-script (2.2.0)
      coffee-script-source
      execjs
    coffee-script-source (1.1.2)
    compass (0.11.5)
      chunky_png (~> 1.2)
      fssm (>= 0.2.7)
      sass (~> 3.1)
    compass-960-plugin (0.10.4)
      compass (>= 0.10.0)
    cucumber (1.0.2)
      builder (>= 2.1.2)
      diff-lcs (>= 1.1.2)
      gherkin (~> 2.4.5)
      json (>= 1.4.6)
      term-ansicolor (>= 1.0.5)
    cucumber-rails (1.0.2)
      capybara (>= 1.0.0)
      cucumber (~> 1.0.0)
      nokogiri (>= 1.4.6)
    database_cleaner (0.6.7)
    devise (1.4.2)
      bcrypt-ruby (~> 2.1.2)
      orm_adapter (~> 0.0.3)
      warden (~> 1.0.3)
    diff-lcs (1.1.2)
    dynamic_form (1.1.4)
    email_spec (1.1.1)
      rspec (~> 2.0)
    erubis (2.7.0)
    execjs (1.2.4)
      multi_json (~> 1.0)
    factory_girl (2.0.5)
    faraday (0.6.1)
      addressable (~> 2.2.4)
      multipart-post (~> 1.1.0)
      rack (>= 1.1.0, < 2)
    ffi (1.0.9)
    fssm (0.2.7)
    gherkin (2.4.16)
      json (>= 1.4.6)
    haml (3.1.2)
    haml-rails (0.3.4)
      actionpack (~> 3.0)
      activesupport (~> 3.0)
      haml (~> 3.0)
      railties (~> 3.0)
    hike (1.2.1)
    hpricot (0.8.4)
    i18n (0.6.0)
    jquery-rails (1.0.13)
      railties (~> 3.0)
      thor (~> 0.14)
    json (1.5.3)
    json_pure (1.5.3)
    launchy (2.0.5)
      addressable (~> 2.2.6)
    mail (2.3.0)
      i18n (>= 0.4.0)
      mime-types (~> 1.16)
      treetop (~> 1.4.8)
    mime-types (1.16)
    multi_json (1.0.3)
    multi_xml (0.2.2)
    multipart-post (1.1.3)
    nokogiri (1.5.0)
    oa-core (0.2.6)
    oa-oauth (0.2.6)
      faraday (~> 0.6.1)
      multi_json (~> 1.0.0)
      multi_xml (~> 0.2.2)
      oa-core (= 0.2.6)
      oauth (~> 0.4.0)
      oauth2 (~> 0.4.1)
    oa-openid (0.2.6)
      oa-core (= 0.2.6)
      rack-openid (~> 1.3.1)
      ruby-openid-apps-discovery (~> 1.2.0)
    oauth (0.4.5)
    oauth2 (0.4.1)
      faraday (~> 0.6.1)
      multi_json (>= 0.0.5)
    orm_adapter (0.0.5)
    polyglot (0.3.2)
    rack (1.3.2)
    rack-cache (1.0.2)
      rack (>= 0.4)
    rack-mount (0.8.2)
      rack (>= 1.0.0)
    rack-openid (1.3.1)
      rack (>= 1.1.0)
      ruby-openid (>= 2.1.8)
    rack-ssl (1.3.2)
      rack
    rack-test (0.6.1)
      rack (>= 1.0)
    rails (3.1.0.rc6)
      actionmailer (= 3.1.0.rc6)
      actionpack (= 3.1.0.rc6)
      activerecord (= 3.1.0.rc6)
      activeresource (= 3.1.0.rc6)
      activesupport (= 3.1.0.rc6)
      bundler (~> 1.0)
      railties (= 3.1.0.rc6)
    railties (3.1.0.rc6)
      actionpack (= 3.1.0.rc6)
      activesupport (= 3.1.0.rc6)
      rack-ssl (~> 1.3.2)
      rake (>= 0.8.7)
      rdoc (~> 3.4)
      thor (~> 0.14.6)
    rake (0.9.2)
    rdoc (3.9.3)
    rspec (2.6.0)
      rspec-core (~> 2.6.0)
      rspec-expectations (~> 2.6.0)
      rspec-mocks (~> 2.6.0)
    rspec-core (2.6.4)
    rspec-expectations (2.6.0)
      diff-lcs (~> 1.1.2)
    rspec-mocks (2.6.0)
    rspec-rails (2.6.1)
      actionpack (~> 3.0)
      activesupport (~> 3.0)
      railties (~> 3.0)
      rspec (~> 2.6.0)
    ruby-growl (3.0)
    ruby-openid (2.1.8)
    ruby-openid-apps-discovery (1.2.0)
      ruby-openid (>= 2.1.7)
    ruby_parser (2.2.0)
      sexp_processor (~> 3.0)
    rubyzip (0.9.4)
    sass (3.1.7)
    selenium-webdriver (2.5.0)
      childprocess (>= 0.2.1)
      ffi (>= 1.0.7)
      json_pure
      rubyzip
    sexp_processor (3.0.6)
    spork (0.9.0.rc9)
    sprockets (2.0.0.beta.15)
      hike (~> 1.2)
      rack (~> 1.0)
      tilt (!= 1.3.0, ~> 1.1)
    sqlite3 (1.3.4)
    term-ansicolor (1.0.6)
    thor (0.14.6)
    tilt (1.3.3)
    treetop (1.4.10)
      polyglot
      polyglot (>= 0.3.1)
    tzinfo (0.3.29)
    uglifier (1.0.1)
      execjs (>= 0.3.0)
      multi_json (>= 1.0.2)
    warden (1.0.5)
      rack (>= 1.0)
    watchr (0.7)
    xpath (0.1.4)
      nokogiri (~> 1.3)

PLATFORMS
  ruby

DEPENDENCIES
  capybara
  coderay
  coffee-script
  compass (>= 0.11.5)
  compass-960-plugin
  cucumber-rails
  database_cleaner
  devise
  dynamic_form
  email_spec (< 1.2)
  factory_girl
  haml-rails
  hpricot
  jquery-rails
  json
  launchy
  nokogiri
  oa-oauth
  oa-openid
  rails (>= 3.1.0.rc1)
  rake
  redcarpet!
  rspec-rails
  ruby-growl
  ruby_parser
  sass
  spork (~> 0.9.0.rc)
  sprockets
  sqlite3
  uglifier
  watchr
